GEM
  remote: https://rubygems.org/
  specs:
    table_print (1.5.6)

PLATFORMS
  ruby

DEPENDENCIES
  table_print

RUBY VERSION
   ruby 2.3.3p222

BUNDLED WITH
   1.14.2
